GEM
  remote: https://rubygems.org/
  remote: https://rails-assets.org/
  specs:
    actionmailer (4.1.8)
      actionpack (= 4.1.8)
      actionview (= 4.1.8)
      mail (~> 2.5, >= 2.5.4)
    actionpack (4.1.8)
      actionview (= 4.1.8)
      activesupport (= 4.1.8)
      rack (~> 1.5.2)
      rack-test (~> 0.6.2)
    actionview (4.1.8)
      activesupport (= 4.1.8)
      builder (~> 3.1)
      erubis (~> 2.7.0)
    activemodel (4.1.8)
      activesupport (= 4.1.8)
      builder (~> 3.1)
    activerecord (4.1.8)
      activemodel (= 4.1.8)
      activesupport (= 4.1.8)
      arel (~> 5.0.0)
    activesupport (4.1.8)
      i18n (~> 0.6, >= 0.6.9)
      json (~> 1.7, >= 1.7.7)
      minitest (~> 5.1)
      thread_safe (~> 0.1)
      tzinfo (~> 1.1)
    addressable (2.3.8)
    archive-zip (0.7.0)
      io-like (~> 0.3.0)
    arel (5.0.1.20140414130214)
    ast (2.2.0)
    astrolabe (1.3.1)
      parser (~> 2.2)
    autoprefixer-rails (6.0.3)
      execjs
      json
    backbone-on-rails (1.2.0.0)
      eco
      ejs
      jquery-rails
      railties
    bcrypt (3.1.10)
    bootstrap-generators (3.3.4)
      railties (>= 3.1.0)
    bootstrap-sass (3.3.5.1)
      autoprefixer-rails (>= 5.0.0.1)
      sass (>= 3.3.0)
    bootstrap-switch-rails (3.3.3)
    builder (3.2.2)
    byebug (8.2.1)
    capybara (2.5.0)
      mime-types (>= 1.16)
      nokogiri (>= 1.3.3)
      rack (>= 1.0.0)
      rack-test (>= 0.5.4)
      xpath (~> 2.0)
    celluloid (0.16.0)
      timers (~> 4.0.0)
    childprocess (0.5.9)
      ffi (~> 1.0, >= 1.0.11)
    chromedriver-helper (1.0.0)
      archive-zip (~> 0.7.0)
      nokogiri (~> 1.6)
    chunky_png (1.3.5)
    coderay (1.1.0)
    coffee-rails (4.0.1)
      coffee-script (>= 2.2.0)
      railties (>= 4.0.0, < 5.0)
    coffee-script (2.4.1)
      coffee-script-source
      execjs
    coffee-script-source (1.10.0)
    compass (1.0.3)
      chunky_png (~> 1.2)
      compass-core (~> 1.0.2)
      compass-import-once (~> 1.0.5)
      rb-fsevent (>= 0.9.3)
      rb-inotify (>= 0.9)
      sass (>= 3.3.13, < 3.5)
    compass-core (1.0.3)
      multi_json (~> 1.0)
      sass (>= 3.3.0, < 3.5)
    compass-import-once (1.0.5)
      sass (>= 3.2, < 3.5)
    compass-rails (2.0.5)
      compass (~> 1.0.0)
      sass-rails (< 5.1)
      sprockets (< 2.13)
    connection_pool (2.2.0)
    crack (0.4.3)
      safe_yaml (~> 1.0.0)
    cucumber (1.3.20)
      builder (>= 2.1.2)
      diff-lcs (>= 1.1.3)
      gherkin (~> 2.12)
      multi_json (>= 1.7.5, < 2.0)
      multi_test (>= 0.1.2)
    cucumber-rails (1.4.2)
      capybara (>= 1.1.2, < 3)
      cucumber (>= 1.3.8, < 2)
      mime-types (>= 1.16, < 3)
      nokogiri (~> 1.5)
      rails (>= 3, < 5)
    database_cleaner (1.5.1)
    devise (3.5.2)
      bcrypt (~> 3.0)
      orm_adapter (~> 0.1)
      railties (>= 3.2.6, < 5)
      responders
      thread_safe (~> 0.1)
      warden (~> 1.2.3)
    devise-token_authenticatable (0.4.0)
      devise (~> 3.5.0)
    devise_lastseenable (0.0.6)
      devise
      rails (>= 3.0.4)
    diff-lcs (1.2.5)
    docile (1.1.5)
    domain_name (0.5.25)
      unf (>= 0.0.5, < 1.0.0)
    eco (1.0.0)
      coffee-script
      eco-source
      execjs
    eco-source (1.1.0.rc.1)
    ejs (1.1.1)
    email_spec (1.6.0)
      launchy (~> 2.1)
      mail (~> 2.2)
    entypo-rails (3.0.0.pre.rc2)
      railties (>= 4.1, <= 5)
    erubis (2.7.0)
    ethon (0.8.1)
      ffi (>= 1.3.0)
    execjs (2.6.0)
    factory_girl (4.5.0)
      activesupport (>= 3.0.0)
    factory_girl_rails (4.5.0)
      factory_girl (~> 4.5.0)
      railties (>= 3.0.0)
    faraday (0.9.2)
      multipart-post (>= 1.2, < 3)
    faraday-cookie_jar (0.0.6)
      faraday (>= 0.7.4)
      http-cookie (~> 1.0.0)
    faraday_middleware (0.10.0)
      faraday (>= 0.7.4, < 0.10)
    ffi (1.9.10)
    fixture_builder (0.4.1)
      activerecord (>= 2)
      activesupport (>= 2)
    formatador (0.2.5)
    fuubar (2.0.0)
      rspec (~> 3.0)
      ruby-progressbar (~> 1.4)
    gherkin (2.12.2)
      multi_json (~> 1.3)
    gitlab (3.4.0)
      httparty
      terminal-table
    guard (2.13.0)
      formatador (>= 0.2.4)
      listen (>= 2.7, <= 4.0)
      lumberjack (~> 1.0)
      nenv (~> 0.1)
      notiffany (~> 0.0)
      pry (>= 0.9.12)
      shellany (~> 0.0)
      thor (>= 0.18.1)
    guard-bundler (2.1.0)
      bundler (~> 1.0)
      guard (~> 2.2)
      guard-compat (~> 1.1)
    guard-compat (1.2.1)
    guard-cucumber (1.5.4)
      cucumber (>= 1.3.0)
      guard-compat (~> 1.0)
      nenv (~> 0.1)
    guard-jasmine (2.0.6)
      childprocess (~> 0.5)
      guard (~> 2.8)
      guard-compat (~> 1.2)
      jasmine (~> 2.2)
      multi_json (~> 1.1)
      thor (~> 0.19)
      tilt
    guard-jshintrb (1.1.1)
      guard (~> 2.0)
      jshintrb
    guard-rspec (4.6.4)
      guard (~> 2.1)
      guard-compat (~> 1.1)
      rspec (>= 2.99.0, < 4.0)
    guard-rubocop (1.2.0)
      guard (~> 2.0)
      rubocop (~> 0.20)
    haml (4.0.7)
      tilt
    haml-contrib (1.0.0.1)
      haml (>= 3.2.0.alpha.13)
    haml-rails (0.9.0)
      actionpack (>= 4.0.1)
      activesupport (>= 4.0.1)
      haml (>= 4.0.6, < 5.0)
      html2haml (>= 1.0.1)
      railties (>= 4.0.1)
    haml_lint (0.15.2)
      haml (~> 4.0)
      rubocop (>= 0.25.0)
      sysexits (~> 1.1)
    handlebars_assets (0.21.0)
      execjs (~> 2.0)
      multi_json (~> 1.0)
      sprockets (>= 2.0.0, < 4.0)
      tilt (~> 1.2)
    hashdiff (0.2.3)
    hike (1.2.3)
    hitimes (1.2.3)
    html2haml (2.0.0)
      erubis (~> 2.7.0)
      haml (~> 4.0.0)
      nokogiri (~> 1.6.0)
      ruby_parser (~> 3.5)
    http-cookie (1.0.2)
      domain_name (~> 0.5)
    httparty (0.13.7)
      json (~> 1.8)
      multi_xml (>= 0.5.2)
    i18n (0.7.0)
    ice_cube (0.11.1)
    io-like (0.3.0)
    jasmine (2.3.1)
      jasmine-core (~> 2.3)
      phantomjs
      rack (>= 1.2.1)
      rake
    jasmine-core (2.4.1)
    jasmine-jquery-rails (2.0.3)
    jbuilder (2.4.0)
      activesupport (>= 3.0.0, < 5.1)
      multi_json (~> 1.2)
    jquery-rails (3.1.4)
      railties (>= 3.0, < 5.0)
      thor (>= 0.14, < 2.0)
    jquery-ui-rails (5.0.5)
      railties (>= 3.2.16)
    js-routes (1.1.2)
      railties (>= 3.2)
      sprockets-rails
    js_image_paths (0.0.2)
      rails (~> 4.0)
    jshintrb (0.3.0)
      execjs
      multi_json (>= 1.3)
      rake
    json (1.8.3)
    launchy (2.4.3)
      addressable (~> 2.3)
    listen (3.0.5)
      rb-fsevent (>= 0.9.3)
      rb-inotify (>= 0.9)
    lumberjack (1.0.10)
    macaddr (1.7.1)
      systemu (~> 2.6.2)
    mail (2.6.3)
      mime-types (>= 1.16, < 3)
    markerb (1.1.0)
    messagebus_ruby_api (1.0.3)
    method_source (0.8.2)
    mime-types (2.99)
    mini_portile (0.6.2)
    minitest (5.8.3)
    multi_json (1.11.2)
    multi_test (0.1.2)
    multi_xml (0.5.5)
    multipart-post (2.0.0)
    nenv (0.2.0)
    nokogiri (1.6.6.4)
      mini_portile (~> 0.6.0)
    notiffany (0.0.8)
      nenv (~> 0.1)
      shellany (~> 0.0)
    octokit (4.1.1)
      sawyer (~> 0.6.0, >= 0.5.3)
    open_graph_reader (0.6.1)
      faraday (~> 0.9.0)
      nokogiri (~> 1.6)
    orm_adapter (0.5.0)
    parser (2.2.3.0)
      ast (>= 1.1, < 3.0)
    pg (0.18.4)
    phantomjs (1.9.8.0)
    powerpack (0.1.1)
    pronto (0.4.3)
      gitlab (~> 3.4.0)
      octokit (~> 4.1.0)
      rugged (~> 0.23.0)
      thor (~> 0.19.0)
    pronto-haml (0.4.4)
      haml_lint (~> 0.15.0)
      pronto (~> 0.4.0)
    pronto-jshint (0.4.2)
      jshintrb (~> 0.3.0)
      pronto (~> 0.4.0)
    pronto-rubocop (0.4.7)
      pronto (~> 0.4.0)
      rubocop (~> 0.34.0)
    pronto-scss (0.4.7)
      pronto (~> 0.4.0)
      scss_lint (~> 0.41.0)
    pry (0.10.3)
      coderay (~> 1.1.0)
      method_source (~> 0.8.1)
      slop (~> 3.4)
    pry-byebug (3.3.0)
      byebug (~> 8.0)
      pry (~> 0.10)
    pry-debundle (0.8)
      pry
    quiet_assets (1.1.0)
      railties (>= 3.1, < 5.0)
    rack (1.5.5)
    rack-protection (1.5.3)
      rack
    rack-test (0.6.3)
      rack (>= 1.0)
    rails (4.1.8)
      actionmailer (= 4.1.8)
      actionpack (= 4.1.8)
      actionview (= 4.1.8)
      activemodel (= 4.1.8)
      activerecord (= 4.1.8)
      activesupport (= 4.1.8)
      bundler (>= 1.3.0, < 2.0)
      railties (= 4.1.8)
      sprockets-rails (~> 2.0)
    rails-assets-autosize (3.0.14)
    rails-assets-blueimp-gallery (2.16.0)
    rails-assets-highlightjs (8.9.1)
    rails-assets-jakobmattsson--jquery-elastic (1.6.11)
      rails-assets-jquery (>= 1.2.6)
    rails-assets-jasmine (2.4.1)
    rails-assets-jasmine-ajax (3.2.0)
      rails-assets-jasmine (~> 2)
    rails-assets-jeresig--jquery.hotkeys (0.2.0)
      rails-assets-jquery (>= 1.4.2)
    rails-assets-jquery (1.11.2)
    rails-assets-jquery-placeholder (2.1.3)
      rails-assets-jquery (>= 1.6)
    rails-assets-jquery-textchange (0.2.3)
      rails-assets-jquery
    rails-assets-markdown-it--markdown-it-for-inline (0.1.1)
    rails-assets-markdown-it (5.0.2)
    rails-assets-markdown-it-hashtag (0.4.0)
    rails-assets-markdown-it-sanitizer (0.4.1)
    rails-assets-markdown-it-sub (1.0.0)
    rails-assets-markdown-it-sup (1.0.0)
    rails-assets-perfect-scrollbar (0.6.7)
    rails-assets-typeahead.js (0.11.1)
      rails-assets-jquery (>= 1.7)
    railties (4.1.8)
      actionpack (= 4.1.8)
      activesupport (= 4.1.8)
      rake (>= 0.8.7)
      thor (>= 0.18.1, < 2.0)
    rainbow (2.0.0)
    rake (10.4.2)
    rb-fsevent (0.9.6)
    rb-inotify (0.9.5)
      ffi (>= 0.5.0)
    rdoc (4.2.1)
      json (~> 1.4)
    redcarpet (3.3.3)
    redis (3.2.2)
    redis-namespace (1.5.2)
      redis (~> 3.0, >= 3.0.4)
    responders (1.1.2)
      railties (>= 3.2, < 4.2)
    roxml (3.1.6)
      activesupport (>= 2.3.0)
      nokogiri (>= 1.3.3)
    rspec (3.3.0)
      rspec-core (~> 3.3.0)
      rspec-expectations (~> 3.3.0)
      rspec-mocks (~> 3.3.0)
    rspec-core (3.3.2)
      rspec-support (~> 3.3.0)
    rspec-expectations (3.3.1)
      diff-lcs (>= 1.2.0, < 2.0)
      rspec-support (~> 3.3.0)
    rspec-instafail (0.4.0)
      rspec
    rspec-mocks (3.3.2)
      diff-lcs (>= 1.2.0, < 2.0)
      rspec-support (~> 3.3.0)
    rspec-rails (3.3.3)
      actionpack (>= 3.0, < 4.3)
      activesupport (>= 3.0, < 4.3)
      railties (>= 3.0, < 4.3)
      rspec-core (~> 3.3.0)
      rspec-expectations (~> 3.3.0)
      rspec-mocks (~> 3.3.0)
      rspec-support (~> 3.3.0)
    rspec-support (3.3.0)
    rubocop (0.34.2)
      astrolabe (~> 1.3)
      parser (>= 2.2.2.5, < 3.0)
      powerpack (~> 0.1)
      rainbow (>= 1.99.1, < 3.0)
      ruby-progressbar (~> 1.4)
    ruby-oembed (0.8.14)
    ruby-progressbar (1.7.5)
    ruby_parser (3.7.2)
      sexp_processor (~> 4.1)
    rubyzip (1.1.7)
    rugged (0.23.3)
    safe_yaml (1.0.4)
    sass (3.4.20)
    sass-rails (5.0.4)
      railties (>= 4.0.0, < 5.0)
      sass (~> 3.1)
      sprockets (>= 2.8, < 4.0)
      sprockets-rails (>= 2.0, < 4.0)
      tilt (>= 1.1, < 3)
    sawyer (0.6.0)
      addressable (~> 2.3.5)
      faraday (~> 0.8, < 0.10)
    scss_lint (0.41.0)
      rainbow (~> 2.0)
      sass (~> 3.4.15)
    sdoc (0.4.1)
      json (~> 1.7, >= 1.7.7)
      rdoc (~> 4.0)
    selenium-webdriver (2.47.1)
      childprocess (~> 0.5)
      multi_json (~> 1.0)
      rubyzip (~> 1.0)
      websocket (~> 1.0)
    sexp_processor (4.6.0)
    shellany (0.0.1)
    shoulda-matchers (3.0.0)
      activesupport (>= 4.0.0)
    sidekiq (3.4.2)
      celluloid (~> 0.16.0)
      connection_pool (~> 2.2, >= 2.2.0)
      json (~> 1.0)
      redis (~> 3.2, >= 3.2.1)
      redis-namespace (~> 1.5, >= 1.5.2)
    sidetiq (0.6.3)
      celluloid (>= 0.14.1)
      ice_cube (= 0.11.1)
      sidekiq (>= 3.0.0)
    simplecov (0.10.0)
      docile (~> 1.1.0)
      json (~> 1.8)
      simplecov-html (~> 0.10.0)
    simplecov-html (0.10.0)
    sinatra (1.4.6)
      rack (~> 1.4)
      rack-protection (~> 1.4)
      tilt (>= 1.3, < 3)
    sinon-rails (1.15.0)
      railties (>= 3.1)
    slop (3.6.0)
    spring (1.4.0)
    spring-commands-cucumber (1.0.1)
      spring (>= 0.9.1)
    spring-commands-rspec (1.0.4)
      spring (>= 0.9.1)
    sprockets (2.12.4)
      hike (~> 1.2)
      multi_json (~> 1.0)
      rack (~> 1.0)
      tilt (~> 1.1, != 1.3.0)
    sprockets-rails (2.3.3)
      actionpack (>= 3.0)
      activesupport (>= 3.0)
      sprockets (>= 2.8, < 4.0)
    sysexits (1.2.0)
    systemu (2.6.5)
    terminal-table (1.5.2)
    test_after_commit (0.4.1)
      activerecord (>= 3.2)
    thor (0.19.1)
    thread_safe (0.3.5)
    tilt (1.4.1)
    timecop (0.8.0)
    timers (4.0.4)
      hitimes
    turbolinks (2.5.3)
      coffee-rails
    twitter-text (1.13.0)
      unf (~> 0.1.0)
    typhoeus (0.8.0)
      ethon (>= 0.8.0)
    tzinfo (1.2.2)
      thread_safe (~> 0.1)
    uglifier (2.7.2)
      execjs (>= 0.3.0)
      json (>= 1.8.0)
    unf (0.1.4)
      unf_ext
    unf_ext (0.0.7.1)
    uuid (2.3.8)
      macaddr (~> 1.0)
    warden (1.2.4)
      rack (>= 1.0)
    webmock (1.22.1)
      addressable (>= 2.3.6)
      crack (>= 0.3.2)
      hashdiff
    websocket (1.2.2)
    xpath (2.0.0)
      nokogiri (~> 1.3)

PLATFORMS
  ruby

DEPENDENCIES
  addressable (= 2.3.8)
  autoprefixer-rails (= 6.0.3)
  backbone-on-rails (= 1.2.0.0)
  bootstrap-generators
  bootstrap-sass (= 3.3.5.1)
  bootstrap-switch-rails (= 3.3.3)
  capybara (= 2.5.0)
  chromedriver-helper
  coffee-rails (~> 4.0.0)
  compass-rails (= 2.0.5)
  cucumber-rails (= 1.4.2)
  database_cleaner (= 1.5.1)
  devise (= 3.5.2)
  devise-token_authenticatable (~> 0.4.0)
  devise_lastseenable (= 0.0.6)
  email_spec
  entypo-rails (= 3.0.0.pre.rc2)
  factory_girl_rails (= 4.5.0)
  faraday (= 0.9.2)
  faraday-cookie_jar (= 0.0.6)
  faraday_middleware (= 0.10.0)
  fixture_builder (= 0.4.1)
  fuubar (= 2.0.0)
  guard (= 2.13.0)
  guard-bundler (= 2.1.0)
  guard-cucumber (= 1.5.4)
  guard-jasmine (= 2.0.6)
  guard-jshintrb (= 1.1.1)
  guard-rspec (= 4.6.4)
  guard-rubocop (= 1.2.0)
  haml (= 4.0.7)
  haml-contrib
  haml-rails
  haml_lint (= 0.15.2)
  handlebars_assets (= 0.21.0)
  jasmine (= 2.3.1)
  jasmine-jquery-rails (= 2.0.3)
  jbuilder (~> 2.0)
  jquery-rails
  jquery-ui-rails
  js-routes (= 1.1.2)
  js_image_paths (= 0.0.2)
  jshintrb (= 0.3.0)
  markerb (= 1.1.0)
  messagebus_ruby_api (= 1.0.3)
  minitest
  nokogiri (= 1.6.6.4)
  open_graph_reader (= 0.6.1)
  pg
  pronto (= 0.4.3)
  pronto-haml (= 0.4.4)
  pronto-jshint (= 0.4.2)
  pronto-rubocop (= 0.4.7)
  pronto-scss (= 0.4.7)
  pry
  pry-byebug
  pry-debundle
  quiet_assets (= 1.1.0)
  rails (= 4.1.8)
  rails-assets-autosize (= 3.0.14)!
  rails-assets-blueimp-gallery (= 2.16.0)!
  rails-assets-highlightjs (= 8.9.1)!
  rails-assets-jakobmattsson--jquery-elastic (= 1.6.11)!
  rails-assets-jasmine-ajax (= 3.2.0)!
  rails-assets-jeresig--jquery.hotkeys (= 0.2.0)!
  rails-assets-jquery (= 1.11.2)!
  rails-assets-jquery-placeholder (= 2.1.3)!
  rails-assets-jquery-textchange (= 0.2.3)!
  rails-assets-markdown-it (= 5.0.2)!
  rails-assets-markdown-it--markdown-it-for-inline (= 0.1.1)!
  rails-assets-markdown-it-hashtag (= 0.4.0)!
  rails-assets-markdown-it-sanitizer (= 0.4.1)!
  rails-assets-markdown-it-sub (= 1.0.0)!
  rails-assets-markdown-it-sup (= 1.0.0)!
  rails-assets-perfect-scrollbar (= 0.6.7)!
  rails-assets-typeahead.js (= 0.11.1)!
  rb-fsevent (= 0.9.6)
  rb-inotify (= 0.9.5)
  redcarpet (= 3.3.3)
  roxml (= 3.1.6)
  rspec-instafail (= 0.4.0)
  rspec-rails (= 3.3.3)
  rubocop (= 0.34.2)
  ruby-oembed (= 0.8.14)
  sass-rails (= 5.0.4)
  sdoc (~> 0.4.0)
  selenium-webdriver (= 2.47.1)
  shoulda-matchers (= 3.0.0)
  sidekiq (= 3.4.2)
  sidetiq (= 0.6.3)
  simplecov (= 0.10.0)
  sinatra (= 1.4.6)
  sinon-rails (= 1.15.0)
  spring (= 1.4.0)
  spring-commands-cucumber (= 1.0.1)
  spring-commands-rspec (= 1.0.4)
  test_after_commit (= 0.4.1)
  timecop (= 0.8.0)
  turbolinks
  twitter-text (= 1.13.0)
  typhoeus (= 0.8.0)
  uglifier (>= 1.3.0)
  uuid (= 2.3.8)
  webmock (= 1.22.1)

BUNDLED WITH
   1.11.0
